GIT
  remote: https://github.com/bmabey/database_cleaner.git
  revision: 068656a246fcb56ab1385e7370b2740f5ebef5db
  specs:
    database_cleaner (2.0.1)
      database_cleaner-active_record (~> 2.0.0)
    database_cleaner-core (2.0.1)

GEM
  remote: http://rubygems.org/
  specs:
    activemodel (6.1.7.4)
      activesupport (= 6.1.7.4)
    activerecord (6.1.7.4)
      activemodel (= 6.1.7.4)
      activesupport (= 6.1.7.4)
    activesupport (6.1.7.4)
      concurrent-ruby (~> 1.0, >= 1.0.2)
      i18n (>= 1.6, < 2)
      minitest (>= 5.1)
      tzinfo (~> 2.0)
      zeitwerk (~> 2.3)
    addressable (2.8.4)
      public_suffix (>= 2.0.2, < 6.0)
    bcrypt (3.1.19)
    bond (0.5.1)
    capybara (3.39.2)
      addressable
      matrix
      mini_mime (>= 0.1.3)
      nokogiri (~> 1.8)
      rack (>= 1.6.0)
      rack-test (>= 0.6.3)
      regexp_parser (>= 1.5, < 3.0)
      xpath (~> 3.2)
    coderay (1.1.3)
    concurrent-ruby (1.2.2)
    daemons (1.4.1)
    database_cleaner-active_record (2.0.1)
      activerecord (>= 5.a)
      database_cleaner-core (~> 2.0.0)
    diff-lcs (1.5.0)
    dotenv (2.8.1)
    eventmachine (1.2.7)
    faker (3.2.0)
      i18n (>= 1.8.11, < 2)
    i18n (1.14.1)
      concurrent-ruby (~> 1.0)
    matrix (0.4.2)
    method_source (1.0.0)
    mini_mime (1.1.2)
    mini_portile2 (2.8.5)
    minitest (5.18.1)
    mustermann (3.0.0)
      ruby2_keywords (~> 0.0.1)
    nokogiri (1.16.2)
      mini_portile2 (~> 2.8.2)
      racc (~> 1.4)
    pg (0.21.0)
    pry (0.14.2)
      coderay (~> 1.1)
      method_source (~> 1.0)
    public_suffix (5.0.3)
    racc (1.7.3)
    rack (2.2.7)
    rack-flash3 (1.0.5)
      rack
    rack-protection (3.0.6)
      rack
    rack-test (2.1.0)
      rack (>= 1.3)
    rake (13.0.6)
    regexp_parser (2.8.1)
    require_all (3.0.0)
    ripl (0.7.1)
      bond (~> 0.5.1)
    ripl-multi_line (0.3.1)
      ripl (>= 0.3.6)
    ripl-rack (0.2.0)
      rack (>= 1.0)
      rack-test (>= 0.5)
      ripl (>= 0.3.5)
    rspec (3.12.0)
      rspec-core (~> 3.12.0)
      rspec-expectations (~> 3.12.0)
      rspec-mocks (~> 3.12.0)
    rspec-core (3.12.2)
      rspec-support (~> 3.12.0)
    rspec-expectations (3.12.3)
      diff-lcs (>= 1.2.0, < 2.0)
      rspec-support (~> 3.12.0)
    rspec-mocks (3.12.6)
      diff-lcs (>= 1.2.0, < 2.0)
      rspec-support (~> 3.12.0)
    rspec-support (3.12.1)
    ruby2_keywords (0.0.5)
    shotgun (0.9.2)
      rack (>= 1.0)
    sinatra (3.0.6)
      mustermann (~> 3.0)
      rack (~> 2.2, >= 2.2.4)
      rack-protection (= 3.0.6)
      tilt (~> 2.0)
    sinatra-activerecord (2.0.26)
      activerecord (>= 4.1)
      sinatra (>= 1.0)
    thin (1.8.2)
      daemons (~> 1.0, >= 1.0.9)
      eventmachine (~> 1.0, >= 1.0.4)
      rack (>= 1, < 3)
    tilt (2.2.0)
    tux (0.3.0)
      ripl (>= 0.3.5)
      ripl-multi_line (>= 0.2.4)
      ripl-rack (>= 0.2.0)
      sinatra (>= 1.2.1)
    tzinfo (2.0.6)
      concurrent-ruby (~> 1.0)
    xpath (3.2.0)
      nokogiri (~> 1.8)
    zeitwerk (2.6.9)

PLATFORMS
  ruby

DEPENDENCIES
  activerecord (~> 6.1.7.3)
  bcrypt
  capybara
  database_cleaner!
  dotenv
  faker
  pg (~> 0.18)
  pry
  rack-flash3
  rack-test
  rake
  require_all
  rspec
  shotgun
  sinatra (~> 3.0, >= 3.0.6)
  sinatra-activerecord
  thin
  tux

BUNDLED WITH
   2.1.1
